GEM
  remote: https://rubygems.org/
  specs:
    activemodel (5.1.2)
      activesupport (= 5.1.2)
    activesupport (5.1.2)
      concurrent-ruby (~> 1.0, >= 1.0.2)
      i18n (~> 0.7)
      minitest (~> 5.1)
      tzinfo (~> 1.1)
    codice-fiscale (0.0.8)
      activemodel
      activesupport
    concurrent-ruby (1.0.5)
    diff-lcs (1.3)
    i18n (0.8.4)
    minitest (5.10.2)
    rack (2.0.3)
    rack-test (0.6.3)
      rack (>= 1.0)
    roda (2.26.0)
      rack
    rspec (3.6.0)
      rspec-core (~> 3.6.0)
      rspec-expectations (~> 3.6.0)
      rspec-mocks (~> 3.6.0)
    rspec-core (3.6.0)
      rspec-support (~> 3.6.0)
    rspec-expectations (3.6.0)
      diff-lcs (>= 1.2.0, < 2.0)
      rspec-support (~> 3.6.0)
    rspec-mocks (3.6.0)
      diff-lcs (>= 1.2.0, < 2.0)
      rspec-support (~> 3.6.0)
    rspec-support (3.6.0)
    thread_safe (0.3.6)
    tzinfo (1.2.3)
      thread_safe (~> 0.1)

PLATFORMS
  ruby

DEPENDENCIES
  codice-fiscale (~> 0.0.8)
  rack-test (~> 0.6.3)
  roda (~> 2.26.0)
  rspec (~> 3.6.0)

RUBY VERSION
   ruby 2.3.1p112

BUNDLED WITH
   1.13.6
